GEM
  remote: https://rubygems.org/
  specs:
    addressable (2.3.6)
    anemone (0.7.2)
      nokogiri (>= 1.3.0)
      robotex (>= 1.0.0)
    bson (1.9.2)
    bson_ext (1.9.2)
      bson (~> 1.9.2)
    mini_portile (0.5.3)
    mongo (1.9.2)
      bson (~> 1.9.2)
    nokogiri (1.6.1)
      mini_portile (~> 0.5.0)
    robotex (1.0.0)

PLATFORMS
  ruby

DEPENDENCIES
  addressable
  anemone (~> 0.7.2)
  bson_ext (~> 1.9.2)
  mongo (~> 1.9.2)
  nokogiri (= 1.6.1)
